GEM
  remote: http://rubygems.org/
  specs:
    bcrypt (3.1.7)
    ethon (0.7.0)
      ffi (>= 1.3.0)
    ffi (1.9.3)
    haml (4.0.5)
      tilt
    json (1.8.1)
    rack (1.5.2)
    rack-protection (1.5.3)
      rack
    rack-ssl (1.4.1)
      rack
    sinatra (1.4.5)
      rack (~> 1.4)
      rack-protection (~> 1.4)
      tilt (~> 1.3, >= 1.3.4)
    tilt (1.4.1)
    typhoeus (0.6.8)
      ethon (>= 0.7.0)

PLATFORMS
  ruby

DEPENDENCIES
  bcrypt
  haml
  json
  rack-ssl
  sinatra
  typhoeus
